GEM
  remote: https://rubygems.org/
  specs:
    adsf (1.1.1)
      rack (>= 1.0.0)
    aws (2.10.2)
      http_connection
      uuidtools
      xml-simple
    builder (3.2.0)
    celluloid (0.16.0)
      timers (~> 4.0.0)
    coderay (1.0.9)
    colored (1.2)
    cri (2.6.1)
      colored (~> 1.2)
    ffi (1.9.6)
    ffi (1.9.6-x86-mingw32)
    formatador (0.2.5)
    guard (2.10.2)
      formatador (>= 0.2.4)
      listen (~> 2.7)
      lumberjack (~> 1.0)
      pry (>= 0.9.12)
      thor (>= 0.18.1)
    guard-nanoc (1.0.3)
      guard (~> 2.8)
      nanoc (~> 3.6)
    haml (4.0.3)
      tilt
    hitimes (1.2.2)
    htmlentities (4.3.1)
    http_connection (1.4.4)
    listen (2.8.3)
      celluloid (>= 0.15.2)
      rb-fsevent (>= 0.9.3)
      rb-inotify (>= 0.9)
    lumberjack (1.0.9)
    method_source (0.8.2)
    mime-types (1.23)
    nanoc (3.7.4)
      cri (~> 2.3)
    nokogiri (1.5.9)
    nokogiri (1.5.9-x86-mingw32)
    pry (0.9.12.6)
      coderay (~> 1.0)
      method_source (~> 0.8)
      slop (~> 3.4)
    pry (0.9.12.6-x86-mingw32)
      coderay (~> 1.0)
      method_source (~> 0.8)
      slop (~> 3.4)
      win32console (~> 1.3)
    rack (1.5.2)
    rake (10.1.1)
    rb-fsevent (0.9.4)
    rb-inotify (0.9.5)
      ffi (>= 0.5.0)
    rdiscount (2.1.6)
    simpleidn (0.0.4)
    slop (3.6.0)
    systemu (2.5.2)
    thor (0.19.1)
    tilt (1.4.1)
    timers (4.0.1)
      hitimes
    uuidtools (2.1.4)
    win32console (1.3.2-x86-mingw32)
    xml-simple (1.1.4)

PLATFORMS
  ruby
  x86-mingw32

DEPENDENCIES
  adsf
  aws
  builder
  coderay
  guard-nanoc
  haml
  htmlentities
  mime-types
  nanoc
  nokogiri
  rake
  rdiscount
  simpleidn
  systemu
